PATH
  remote: .
  specs:
    header_guard (0.1.0)
      rack (~> 3.0)

GEM
  remote: https://rubygems.org/
  specs:
    diff-lcs (1.6.2)
    rack (3.2.3)
    rack-test (2.2.0)
      rack (>= 1.3)
    rspec (3.13.1)
      rspec-core (~> 3.13.0)
      rspec-expectations (~> 3.13.0)
      rspec-mocks (~> 3.13.0)
    rspec-core (3.13.5)
      rspec-support (~> 3.13.0)
    rspec-expectations (3.13.5)
      diff-lcs (>= 1.2.0, < 2.0)
      rspec-support (~> 3.13.0)
    rspec-mocks (3.13.6)
      diff-lcs (>= 1.2.0, < 2.0)
      rspec-support (~> 3.13.0)
    rspec-support (3.13.6)

PLATFORMS
  x86_64-linux

DEPENDENCIES
  header_guard!
  rack
  rack-test
  rspec (~> 3.12)

BUNDLED WITH
   2.4.22
